GEM
  remote: https://rubygems.org/
  specs:
    concurrent-ruby (1.1.5)
    equatable (0.6.0)
    faker (1.9.4)
      i18n (>= 0.7)
      pastel (~> 0.7.2)
      thor (~> 0.20.0)
      tty-pager (~> 0.12.0)
      tty-screen (~> 0.6.5)
      tty-tree (~> 0.3.0)
    i18n (1.6.0)
      concurrent-ruby (~> 1.0)
    mustermann (1.1.1)
      ruby2_keywords (~> 0.0.1)
    pastel (0.7.3)
      equatable (~> 0.6)
      tty-color (~> 0.5)
    rack (2.2.3)
    rack-protection (2.2.0)
      rack
    ruby2_keywords (0.0.5)
    sinatra (2.2.0)
      mustermann (~> 1.0)
      rack (~> 2.2)
      rack-protection (= 2.2.0)
      tilt (~> 2.0)
    strings (0.1.5)
      strings-ansi (~> 0.1)
      unicode-display_width (~> 1.5)
      unicode_utils (~> 1.4)
    strings-ansi (0.1.0)
    thor (0.20.3)
    tilt (2.0.10)
    tty-color (0.5.0)
    tty-pager (0.12.1)
      strings (~> 0.1.4)
      tty-screen (~> 0.6)
      tty-which (~> 0.4)
    tty-screen (0.6.5)
    tty-tree (0.3.0)
    tty-which (0.4.1)
    unicode-display_width (1.6.0)
    unicode_utils (1.4.0)

PLATFORMS
  x64-mingw32
  x86_64-linux

DEPENDENCIES
  faker
  sinatra

BUNDLED WITH
   2.0.2
